GEM
  remote: https://rubygems.org/
  specs:
    contribution_count (0.1.4)

PLATFORMS
  ruby

DEPENDENCIES
  contribution_count

BUNDLED WITH
   2.0.1
